GEM
  remote: https://rubygems.org/
  specs:
    bubble-wrap (1.1.5)
    geomotion (0.7.0)
    rubymotion_generators (0.1.0)
      thor (~> 0.15)
    sugarcube (0.18.17)
    thor (0.17.0)

PLATFORMS
  ruby

DEPENDENCIES
  bubble-wrap
  geomotion
  rubymotion_generators
  sugarcube
